GEM
  specs:
    abstract (1.0.0.d86eb2255aefb5c0ce4dd2351dbbf4b9e22264ad)
    actioncable (5.1.7)
      actionpack (= 5.1.7)
      nio4r (~> 2.0)
      websocket-driver (~> 0.6.1)
    actionmailer (5.1.7)
      actionpack (= 5.1.7)
      actionview (= 5.1.7)
      activejob (= 5.1.7)
      mail (~> 2.5, >= 2.5.4)
      rails-dom-testing (~> 2.0)
    actionpack (5.1.7)
      actionview (= 5.1.7)
      activesupport (= 5.1.7)
      rack (~> 2.0)
      rack-test (>= 0.6.3)
      rails-dom-testing (~> 2.0)
      rails-html-sanitizer (~> 1.0, >= 1.0.2)
    actionview (5.1.7)
      activesupport (= 5.1.7)
      builder (~> 3.1)
      erubi (~> 1.4)
      rails-dom-testing (~> 2.0)
      rails-html-sanitizer (~> 1.0, >= 1.0.3)
    activejob (5.1.7)
      activesupport (= 5.1.7)
      globalid (>= 0.3.6)
    activemodel (5.1.7)
      activesupport (= 5.1.7)
    activemodel-serializers-xml (1.0.2)
      activemodel (> 5.x)
      activesupport (> 5.x)
      builder (~> 3.1)
    activerecord (5.1.7)
      activemodel (= 5.1.7)
      activesupport (= 5.1.7)
      arel (~> 8.0)
    activeresource (5.1.0)
      activemodel (>= 5.0, < 7)
      activemodel-serializers-xml (~> 1.0)
      activesupport (>= 5.0, < 7)
    activeresource-response (1.2.0)
      activeresource (>= 3, < 6)
    activesupport (5.1.7)
      concurrent-ruby (~> 1.0, >= 1.0.2)
      i18n (>= 0.7, < 2)
      minitest (~> 5.1)
      tzinfo (~> 1.1)
    addressable (2.3.8)
    arel (8.0.0)
    ast (2.4.0)
    awesome_print (1.8.0)
    bcrypt (3.1.12-java)
    bcrypt-ruby (3.1.5-java)
      bcrypt (>= 3.1.3)
    bermuda (0.0.7)
      capybara (>= 2.0)
      cucumber (>= 0.10.0)
    blue_ibm_catalog_import (3.0.2)
    builder (3.2.3)
    capybara (2.18.0)
      addressable
      mini_mime (>= 0.1.3)
      nokogiri (>= 1.3.3)
      rack (>= 1.0.0)
      rack-test (>= 0.5.4)
      xpath (>= 2.0, < 4.0)
    charlock_holmes-jruby (0.1.2-java)
    chronic (0.10.2)
    chunky_png (1.3.11)
    ci_reporter (2.0.0)
      builder (>= 2.1.2)
    ci_reporter_cucumber (1.0.2)
      ci_reporter (~> 2.0)
      cucumber (~> 1.3.3)
    ci_reporter_rspec (1.0.0)
      ci_reporter (~> 2.0)
      rspec (>= 2.14, < 4)
    cliver (0.3.2)
    compass (1.0.3)
      chunky_png (~> 1.2)
      compass-core (~> 1.0.2)
      compass-import-once (~> 1.0.5)
      rb-fsevent (>= 0.9.3)
      rb-inotify (>= 0.9)
      sass (>= 3.3.13, < 3.5)
    compass-blueprint (1.0.0)
      compass
    compass-core (1.0.3)
      multi_json (~> 1.0)
      sass (>= 3.3.0, < 3.5)
    compass-import-once (1.0.5)
      sass (>= 3.2, < 3.5)
    compass-rails (3.1.0)
      compass (~> 1.0.0)
      sass-rails (< 5.1)
      sprockets (< 4.0)
    concurrent-ruby (1.1.5)
    crass (1.0.5)
    cucumber (1.3.20)
      builder (>= 2.1.2)
      diff-lcs (>= 1.1.3)
      gherkin (~> 2.12)
      multi_json (>= 1.7.5, < 2.0)
      multi_test (>= 0.1.2)
    cucumber-rails (1.5.0)
      capybara (>= 1.1.2, < 3)
      cucumber (>= 1.3.8, < 4)
      mime-types (>= 1.17, < 4)
      nokogiri (~> 1.5)
      railties (>= 4, < 5.2)
    diff-lcs (1.3)
    docile (1.1.5)
    domain_name (0.5.20180417)
      unf (>= 0.0.5, < 1.0.0)
    equivalent-xml (0.6.0)
      nokogiri (>= 1.4.3)
    erubi (1.8.0)
    erubis (2.7.0.1.ed3659f9fdc6659f69fce047e9f57f0289d903d8)
    excon (0.62.0)
    execjs (2.7.0)
    ffi (1.10.0-java)
    formtastic (3.1.5)
      actionpack (>= 3.2.13)
    fortitude (0.9.6.293aadedf350b2cd80f3db885c9d702351d3e38b-java)
      activesupport (>= 3.0)
      ref (>= 1.0.5)
    gherkin (2.12.2-java)
      multi_json (~> 1.3)
    globalid (0.4.2)
      activesupport (>= 4.2.0)
    haml (5.0.4)
      temple (>= 0.8.0)
      tilt
    has_scope (0.7.2)
      actionpack (>= 4.1)
      activesupport (>= 4.1)
    htmlentities (4.3.4)
    http-cookie (1.0.3)
      domain_name (~> 0.5)
    http_accept_language (1.0.1.1.a75d7431d8bba418294b29d43dd8f546ebbffe23)
    i18n (1.6.0)
      concurrent-ruby (~> 1.0)
    i18n-js (3.0.11)
      i18n (>= 0.6.6, < 2)
    inherited_resources (1.9.0.76ad413008d729c4b764caff0f46952d13a4ef62)
      actionpack (>= 4.2, < 5.3)
      has_scope (~> 0.6)
      railties (>= 4.2, < 5.3)
      responders
    jasmine (2.99.37d002d4977c983aed8edc374e3adb58dbae390b)
      jasmine-core (>= 2.99.0, < 3.0.0)
      phantomjs
      rack (>= 1.2.1)
      rake
    jasmine-core (2.99.2)
    jasmine_junitxml_formatter (0.3.0)
      jasmine (~> 2.0)
      nokogiri
    jruby-jars (9.1.17.0)
    jruby-rack (1.1.21)
    json (2.1.0-java)
    json-schema (2.5.2)
      addressable (~> 2.3.8)
    loofah (2.3.1)
      crass (~> 1.0.2)
      nokogiri (>= 1.5.9)
    machinist (1.0.6.be28caa89f36251c66619ca721440459a3b7e219)
    mail (2.7.1)
      mini_mime (>= 0.1.1)
    method_source (0.9.2)
    mime-types (2.99.3)
    mini_mime (1.0.1)
    minitest (5.11.3)
    multi_json (1.13.1)
    multi_test (0.1.2)
    netrc (0.11.0)
    nio4r (2.3.1-java)
    nokogiri (1.6.8.1.fc90d7a1defdc17564eb72b85bf8c2e0-java)
    non-stupid-digest-assets (1.0.9)
      sprockets (>= 2.0)
    parallel (1.14.0)
    parser (2.6.0.0)
      ast (~> 2.4.0)
    phantomjs (1.9.8.0.efc930e9b3a2f8ed9ba851007d5c86beafd234e6)
    poltergeist (1.18.1)
      capybara (>= 2.1, < 4)
      cliver (~> 0.3.1)
      websocket-driver (>= 0.2.0)
    powerpack (0.1.2)
    puma (3.2.0-java)
    rack (2.0.7)
    rack-test (1.1.0)
      rack (>= 1.0, < 3)
    rails (5.1.7)
      actioncable (= 5.1.7)
      actionmailer (= 5.1.7)
      actionpack (= 5.1.7)
      actionview (= 5.1.7)
      activejob (= 5.1.7)
      activemodel (= 5.1.7)
      activerecord (= 5.1.7)
      activesupport (= 5.1.7)
      bundler (>= 1.3.0)
      railties (= 5.1.7)
      sprockets-rails (>= 2.0.0)
    rails-controller-testing (1.0.4)
      actionpack (>= 5.0.1.x)
      actionview (>= 5.0.1.x)
      activesupport (>= 5.0.1.x)
    rails-dom-testing (2.0.3)
      activesupport (>= 4.2.0)
      nokogiri (>= 1.6)
    rails-html-sanitizer (1.0.4)
      loofah (~> 2.2, >= 2.2.2)
    railties (5.1.7)
      actionpack (= 5.1.7)
      activesupport (= 5.1.7)
      method_source
      rake (>= 0.8.7)
      thor (>= 0.18.1, < 2.0)
    rainbow (2.2.2)
      rake
    rake (12.3.2)
    rb-fsevent (0.10.3)
    rb-inotify (0.9.10)
      ffi (>= 0.5.0, < 2)
    ref (2.0.0)
    responders (2.4.1)
      actionpack (>= 4.2.0, < 6.0)
      railties (>= 4.2.0, < 6.0)
    rest-client (1.8.0)
      http-cookie (>= 1.0.2, < 2.0)
      mime-types (>= 1.16, < 3.0)
      netrc (~> 0.7)
    ri_cal (0.8.8.764df9150215e9a0d2560b4549d758cc)
    rspec (3.8.0)
      rspec-core (~> 3.8.0)
      rspec-expectations (~> 3.8.0)
      rspec-mocks (~> 3.8.0)
    rspec-core (3.8.0)
      rspec-support (~> 3.8.0)
    rspec-expectations (3.8.2)
      diff-lcs (>= 1.2.0, < 2.0)
      rspec-support (~> 3.8.0)
    rspec-mocks (3.8.0)
      diff-lcs (>= 1.2.0, < 2.0)
      rspec-support (~> 3.8.0)
    rspec-rails (3.8.1)
      actionpack (>= 3.0)
      activesupport (>= 3.0)
      railties (>= 3.0)
      rspec-core (~> 3.8.0)
      rspec-expectations (~> 3.8.0)
      rspec-mocks (~> 3.8.0)
      rspec-support (~> 3.8.0)
    rspec-support (3.8.0)
    rubocop (0.50.0)
      parallel (~> 1.10)
      parser (>= 2.3.3.1, < 3.0)
      powerpack (~> 0.1)
      rainbow (>= 2.2.2, < 3.0)
      ruby-progressbar (~> 1.7)
      unicode-display_width (~> 1.0, >= 1.0.1)
    ruby-progressbar (1.10.0)
    rubyzip (1.3.0)
    rufus-scheduler (3.1.10)
    sass (3.4.22.9f9d211398c5530537031685b0101c30)
    sass-rails (5.0.7)
      railties (>= 4.0.0, < 6)
      sass (~> 3.1)
      sprockets (>= 2.8, < 4.0)
      sprockets-rails (>= 2.0, < 4.0)
      tilt (>= 1.1, < 3)
    sequel (4.24.0.9d792a04e8ef0cea89ab8b94522b4942)
    simplecov (0.9.1)
      docile (~> 1.1.0)
      multi_json (~> 1.0)
      simplecov-html (~> 0.8.0)
    simplecov-html (0.8.0.1.0df13868c3dd9a42c7a6c5e5e2fbde205e607ac2)
    sprockets (3.7.2)
      concurrent-ruby (~> 1.0)
      rack (> 1, < 3)
    sprockets-rails (3.2.1)
      actionpack (>= 4.0)
      activesupport (>= 4.0)
      sprockets (>= 3.0.0)
    temple (0.8.0)
    therubyrhino (2.0.4)
      therubyrhino_jar (>= 1.7.3)
    therubyrhino_jar (1.7.6)
    thor (0.20.3)
    thread_safe (0.3.6-java)
    tilt (2.0.9)
    timecop (0.9.1)
    tzinfo (1.2.5)
      thread_safe (~> 0.1)
    tzinfo-data (1.2018.7)
      tzinfo (>= 1.0.0)
    uglifier (3.0.4)
      execjs (>= 0.3.0, < 3)
    unf (0.1.4-java)
    unicode-display_width (1.5.0)
    uuidtools (2.1.5.de05809f0c8ad134e3f30aae50959f3b)
    warbler (2.0.3)
      jruby-jars (>= 9.0.0.0)
      jruby-rack (>= 1.1.1, < 1.3)
      rake (>= 10.1.0)
      rubyzip (~> 1.0, < 1.4)
    websocket-driver (0.6.5-java)
      websocket-extensions (>= 0.1.0)
    websocket-extensions (0.1.3)
    xpath (2.1.0)
      nokogiri (~> 1.3)
    ya2yaml (0.31)
    zip-zip (0.3)
      rubyzip (>= 1.0.0)

PLATFORMS
  java

DEPENDENCIES
  abstract (= 1.0.0.d86eb2255aefb5c0ce4dd2351dbbf4b9e22264ad)
  activeresource-response
  awesome_print
  bcrypt-ruby
  bermuda
  blue_ibm_catalog_import (= 3.0.2)
  capybara
  charlock_holmes-jruby
  chronic
  ci_reporter_cucumber
  ci_reporter_rspec
  compass-blueprint (~> 1.0.0)
  compass-rails
  cucumber
  cucumber-rails
  equivalent-xml (= 0.6.0)
  erubis (= 2.7.0.1.ed3659f9fdc6659f69fce047e9f57f0289d903d8)
  excon
  formtastic
  fortitude (= 0.9.6.293aadedf350b2cd80f3db885c9d702351d3e38b)
  haml
  htmlentities
  http_accept_language (= 1.0.1.1.a75d7431d8bba418294b29d43dd8f546ebbffe23)
  i18n-js (~> 3.0.0.rc12)
  inherited_resources (= 1.9.0.76ad413008d729c4b764caff0f46952d13a4ef62)
  jasmine (= 2.99.37d002d4977c983aed8edc374e3adb58dbae390b)
  jasmine_junitxml_formatter
  jruby-jars (= 9.1.17.0)
  jruby-rack
  json
  json-schema (~> 2.5.1)
  machinist (= 1.0.6.be28caa89f36251c66619ca721440459a3b7e219)
  mail
  nokogiri (= 1.6.8.1.fc90d7a1defdc17564eb72b85bf8c2e0)
  non-stupid-digest-assets
  phantomjs (= 1.9.8.0.efc930e9b3a2f8ed9ba851007d5c86beafd234e6)
  poltergeist (~> 1.9)
  puma (= 3.2)
  rails (= 5.1.7)
  rails-controller-testing
  rest-client (= 1.8.0)
  ri_cal (= 0.8.8.764df9150215e9a0d2560b4549d758cc)
  rspec-rails
  rubocop (= 0.50.0)
  rubyzip
  rufus-scheduler (~> 3.1.2)
  sass (= 3.4.22.9f9d211398c5530537031685b0101c30)
  sass-rails
  sequel (= 4.24.0.9d792a04e8ef0cea89ab8b94522b4942)
  simplecov
  simplecov-html (= 0.8.0.1.0df13868c3dd9a42c7a6c5e5e2fbde205e607ac2)
  sprockets
  therubyrhino
  timecop
  tzinfo-data
  uglifier (~> 3.0.0)
  uuidtools (= 2.1.5.de05809f0c8ad134e3f30aae50959f3b)
  warbler (= 2.0.3)
  ya2yaml
  zip-zip

RUBY VERSION
   ruby 2.3.3p0 (jruby 9.1.17.0)

BUNDLED WITH
   1.16.2
