GEM
  remote: http://127.0.0.1:8000/
  specs:
    abstract (1.0.0.d86eb2255aefb5c0ce4dd2351dbbf4b9e22264ad)
    actionmailer (4.2.6)
      actionpack (= 4.2.6)
      actionview (= 4.2.6)
      activejob (= 4.2.6)
      mail (~> 2.5, >= 2.5.4)
      rails-dom-testing (~> 1.0, >= 1.0.5)
    actionpack (4.2.6)
      actionview (= 4.2.6)
      activesupport (= 4.2.6)
      rack (~> 1.6)
      rack-test (~> 0.6.2)
      rails-dom-testing (~> 1.0, >= 1.0.5)
      rails-html-sanitizer (~> 1.0, >= 1.0.2)
    actionview (4.2.6)
      activesupport (= 4.2.6)
      builder (~> 3.1)
      erubis (~> 2.7.0)
      rails-dom-testing (~> 1.0, >= 1.0.5)
      rails-html-sanitizer (~> 1.0, >= 1.0.2)
    activejob (4.2.6)
      activesupport (= 4.2.6)
      globalid (>= 0.3.0)
    activemodel (4.2.6)
      activesupport (= 4.2.6)
      builder (~> 3.1)
    activerecord (4.2.6)
      activemodel (= 4.2.6)
      activesupport (= 4.2.6)
      arel (~> 6.0)
    activeresource (4.0.0)
      activemodel (~> 4.0)
      activesupport (~> 4.0)
      rails-observers (~> 0.1.1)
    activeresource-response (1.1.1)
      activeresource (>= 3, < 5)
    activesupport (4.2.6)
      i18n (~> 0.7)
      json (~> 1.7, >= 1.7.7)
      minitest (~> 5.1)
      thread_safe (~> 0.3, >= 0.3.4)
      tzinfo (~> 1.1)
    activesupport-json_encoder (1.1.0)
      activesupport (>= 4.1.0, < 5.0)
    addressable (2.3.8)
    arel (6.0.3)
    awesome_print (1.6.1)
    bcrypt (3.1.10-java)
    bcrypt-ruby (3.1.5-java)
      bcrypt (>= 3.1.3)
    bermuda (0.0.7)
      capybara (>= 2.0)
      cucumber (>= 0.10.0)
    builder (3.2.2)
    capybara (2.7.1)
      addressable
      mime-types (>= 1.16)
      nokogiri (>= 1.3.3)
      rack (>= 1.0.0)
      rack-test (>= 0.5.4)
      xpath (~> 2.0)
    charlock_holmes-jruby (0.1.2-java)
    chronic (0.10.2)
    chunky_png (1.3.6)
    ci_reporter (2.0.0)
      builder (>= 2.1.2)
    ci_reporter_cucumber (1.0.2)
      ci_reporter (~> 2.0)
      cucumber (~> 1.3.3)
    ci_reporter_rspec (1.0.0)
      ci_reporter (~> 2.0)
      rspec (>= 2.14, < 4)
    cliver (0.3.2)
    compass (1.0.3)
      chunky_png (~> 1.2)
      compass-core (~> 1.0.2)
      compass-import-once (~> 1.0.5)
      rb-fsevent (>= 0.9.3)
      rb-inotify (>= 0.9)
      sass (>= 3.3.13, < 3.5)
    compass-blueprint (1.0.0)
      compass
    compass-core (1.0.3)
      multi_json (~> 1.0)
      sass (>= 3.3.0, < 3.5)
    compass-import-once (1.0.5)
      sass (>= 3.2, < 3.5)
    compass-rails (3.0.2)
      compass (~> 1.0.0)
      sass-rails (< 5.1)
      sprockets (< 4.0)
    concurrent-ruby (1.0.2-java)
    cucumber (1.3.16.c8858850d089db2b8bc4fc81c1a20db758bbc501)
      builder (>= 2.1.2)
      diff-lcs (>= 1.1.3)
      gherkin (~> 2.12)
      multi_json (>= 1.7.5, < 2.0)
      multi_test (>= 0.1.1)
    cucumber-rails (1.4.2)
      capybara (>= 1.1.2, < 3)
      cucumber (>= 1.3.8, < 2)
      mime-types (>= 1.16, < 3)
      nokogiri (~> 1.5)
      rails (>= 3, < 5)
    diff-lcs (1.2.5)
    docile (1.1.5)
    domain_name (0.5.23)
      unf (>= 0.0.5, < 1.0.0)
    equivalent-xml (0.6.0)
      nokogiri (>= 1.4.3)
    erubis (2.7.0.1.ed3659f9fdc6659f69fce047e9f57f0289d903d8)
    excon (0.45.3)
    execjs (2.7.0)
    ffi (1.9.10-java)
    formtastic (3.1.3)
      actionpack (>= 3.2.13)
    fortitude (0.9.5.831bd40aa5a5256194d782fac9b79b0967b400fc-java)
      activesupport (>= 3.0)
      ref (>= 1.0.5)
    gherkin (2.12.2-java)
      multi_json (~> 1.3)
    globalid (0.3.6)
      activesupport (>= 4.1.0)
    haml (4.0.6)
      tilt
    has_scope (0.6.0)
      actionpack (>= 3.2, < 5)
      activesupport (>= 3.2, < 5)
    htmlentities (4.3.3)
    http-cookie (1.0.2)
      domain_name (~> 0.5)
    http_accept_language (1.0.1.1.a75d7431d8bba418294b29d43dd8f546ebbffe23)
    i18n (0.7.0)
    i18n-js (3.0.0.rc13)
      i18n (~> 0.6, >= 0.6.6)
    inherited_resources (1.6.0.319d87fc3060526e1bfa422ac86387027aec42d7)
      actionpack (>= 3.2, < 5)
      has_scope (~> 0.6.0.rc)
      railties (>= 3.2, < 5)
      responders
    jasmine (2.3.0.bf3557ecbab5e9b764530a9ed90194dc)
      jasmine-core (~> 2.3)
      phantomjs
      rack (>= 1.2.1)
      rake
    jasmine-core (2.3.4)
    jasmine_junitxml_formatter (0.2.1)
      jasmine (~> 2.0)
      nokogiri
    jruby-jars (1.7.25)
    jruby-rack (1.1.19)
    json (1.8.3-java)
    json-schema (2.5.1)
      addressable (~> 2.3.7)
    loofah (2.0.3)
      nokogiri (>= 1.5.9)
    machinist (1.0.6.be28caa89f36251c66619ca721440459a3b7e219)
    mail (2.6.4)
      mime-types (>= 1.16, < 4)
    mime-types (2.99.2)
    minitest (5.9.0)
    multi_json (1.12.1)
    multi_test (0.1.2)
    netrc (0.10.3)
    nokogiri (1.6.8.1.2a50ee845531ada7233a0443a500d204-java)
    non-stupid-digest-assets (1.0.5)
    phantomjs (1.9.8.0.efc930e9b3a2f8ed9ba851007d5c86beafd234e6)
    poltergeist (1.10.0)
      capybara (~> 2.1)
      cliver (~> 0.3.1)
      websocket-driver (>= 0.2.0)
    puma (3.2.0-java)
    rack (1.6.4)
    rack-test (0.6.3)
      rack (>= 1.0)
    rails (4.2.6)
      actionmailer (= 4.2.6)
      actionpack (= 4.2.6)
      actionview (= 4.2.6)
      activejob (= 4.2.6)
      activemodel (= 4.2.6)
      activerecord (= 4.2.6)
      activesupport (= 4.2.6)
      bundler (>= 1.3.0, < 2.0)
      railties (= 4.2.6)
      sprockets-rails
    rails-deprecated_sanitizer (1.0.3)
      activesupport (>= 4.2.0.alpha)
    rails-dev-tweaks (1.2.0)
      actionpack (>= 3.1)
      railties (>= 3.1)
    rails-dom-testing (1.0.7)
      activesupport (>= 4.2.0.beta, < 5.0)
      nokogiri (~> 1.6.0)
      rails-deprecated_sanitizer (>= 1.0.1)
    rails-html-sanitizer (1.0.3)
      loofah (~> 2.0)
    rails-observers (0.1.2)
      activemodel (~> 4.0)
    railties (4.2.6)
      actionpack (= 4.2.6)
      activesupport (= 4.2.6)
      rake (>= 0.8.7)
      thor (>= 0.18.1, < 2.0)
    rake (11.2.2)
    rb-fsevent (0.9.7)
    rb-inotify (0.9.7)
      ffi (>= 0.5.0)
    ref (2.0.0)
    responders (2.2.0)
      railties (>= 4.2.0, < 5.1)
    rest-client (1.8.0)
      http-cookie (>= 1.0.2, < 2.0)
      mime-types (>= 1.16, < 3.0)
      netrc (~> 0.7)
    ri_cal (0.8.8.2d8b47fc4faf589b10d7ec1a090a78267384eab9)
    rspec (3.4.0)
      rspec-core (~> 3.4.0)
      rspec-expectations (~> 3.4.0)
      rspec-mocks (~> 3.4.0)
    rspec-core (3.4.4)
      rspec-support (~> 3.4.0)
    rspec-expectations (3.4.0)
      diff-lcs (>= 1.2.0, < 2.0)
      rspec-support (~> 3.4.0)
    rspec-mocks (3.4.1)
      diff-lcs (>= 1.2.0, < 2.0)
      rspec-support (~> 3.4.0)
    rspec-rails (3.4.2)
      actionpack (>= 3.0, < 4.3)
      activesupport (>= 3.0, < 4.3)
      railties (>= 3.0, < 4.3)
      rspec-core (~> 3.4.0)
      rspec-expectations (~> 3.4.0)
      rspec-mocks (~> 3.4.0)
      rspec-support (~> 3.4.0)
    rspec-support (3.4.1)
    rubyzip (1.1.7.72e98a666eab510dbb7f32d8a6094a80f02a0c8e)
    rufus-scheduler (3.1.2)
    sass (3.4.22.9f9d211398c5530537031685b0101c30)
    sass-rails (5.0.4)
      railties (>= 4.0.0, < 5.0)
      sass (~> 3.1)
      sprockets (>= 2.8, < 4.0)
      sprockets-rails (>= 2.0, < 4.0)
      tilt (>= 1.1, < 3)
    sequel (4.24.0.6369d34f70988ff5e2d4489b876d1cc303accdc9)
    simplecov (0.9.1)
      docile (~> 1.1.0)
      multi_json (~> 1.0)
      simplecov-html (~> 0.8.0)
    simplecov-html (0.8.0.1.0df13868c3dd9a42c7a6c5e5e2fbde205e607ac2)
    sprockets (3.6.2)
      concurrent-ruby (~> 1.0)
      rack (> 1, < 3)
    sprockets-rails (3.1.1)
      actionpack (>= 4.0)
      activesupport (>= 4.0)
      sprockets (>= 3.0.0)
    tem-server-api (2.0.8)
      activemodel (>= 3.0.20)
      nokogiri (~> 1.6.0)
      rest-client (~> 1.8.0)
    therubyrhino (2.0.4)
      therubyrhino_jar (>= 1.7.3)
    therubyrhino_jar (1.7.6)
    thor (0.19.1)
    thread_safe (0.3.5-java)
    tilt (2.0.5)
    time_diff (0.3.0)
      activesupport
      i18n
    timecop (0.7.4)
    tzinfo (1.2.2)
      thread_safe (~> 0.1)
    tzinfo-data (1.2015.6)
      tzinfo (>= 1.0.0)
    uglifier (3.0.0)
      execjs (>= 0.3.0, < 3)
    unf (0.1.4-java)
    uuidtools (2.1.5.de05809f0c8ad134e3f30aae50959f3b)
    warbler (1.4.8)
      rake (>= 0.9.6)
      rubyzip (>= 0.9, < 1.2)
    websocket-driver (0.6.4-java)
      websocket-extensions (>= 0.1.0)
    websocket-extensions (0.1.2)
    xpath (2.0.0)
      nokogiri (~> 1.3)
    ya2yaml (0.31)
    zip-zip (0.3)
      rubyzip (>= 1.0.0)

PLATFORMS
  java

DEPENDENCIES
  abstract (= 1.0.0.d86eb2255aefb5c0ce4dd2351dbbf4b9e22264ad)
  activeresource-response
  activesupport-json_encoder
  awesome_print
  bcrypt-ruby
  bermuda
  capybara
  charlock_holmes-jruby
  chronic
  ci_reporter_cucumber
  ci_reporter_rspec
  compass-blueprint (~> 1.0.0)
  compass-rails (~> 3.0.1)
  cucumber (= 1.3.16.c8858850d089db2b8bc4fc81c1a20db758bbc501)
  cucumber-rails
  equivalent-xml (= 0.6.0)
  erubis (= 2.7.0.1.ed3659f9fdc6659f69fce047e9f57f0289d903d8)
  excon
  formtastic (~> 3.1.3)
  fortitude (= 0.9.5.831bd40aa5a5256194d782fac9b79b0967b400fc)
  haml
  htmlentities
  http_accept_language (= 1.0.1.1.a75d7431d8bba418294b29d43dd8f546ebbffe23)
  i18n-js (~> 3.0.0.rc12)
  inherited_resources (= 1.6.0.319d87fc3060526e1bfa422ac86387027aec42d7)
  jasmine (= 2.3.0.bf3557ecbab5e9b764530a9ed90194dc)
  jasmine_junitxml_formatter
  jruby-jars (= 1.7.25)
  jruby-rack
  json
  json-schema (~> 2.5.1)
  machinist (= 1.0.6.be28caa89f36251c66619ca721440459a3b7e219)
  mail
  nokogiri (= 1.6.8.1.2a50ee845531ada7233a0443a500d204)
  non-stupid-digest-assets
  phantomjs (= 1.9.8.0.efc930e9b3a2f8ed9ba851007d5c86beafd234e6)
  poltergeist (~> 1.9)
  puma (= 3.2)
  rails (= 4.2.6)
  rails-dev-tweaks
  rest-client (= 1.8.0)
  ri_cal (= 0.8.8.2d8b47fc4faf589b10d7ec1a090a78267384eab9)
  rspec-rails (~> 3.4.2)
  rubyzip (= 1.1.7.72e98a666eab510dbb7f32d8a6094a80f02a0c8e)
  rufus-scheduler (~> 3.1.2)
  sass (= 3.4.22.9f9d211398c5530537031685b0101c30)
  sass-rails
  sequel (= 4.24.0.6369d34f70988ff5e2d4489b876d1cc303accdc9)
  simplecov
  simplecov-html (= 0.8.0.1.0df13868c3dd9a42c7a6c5e5e2fbde205e607ac2)
  sprockets
  tem-server-api (~> 2.0.8)
  therubyrhino
  time_diff
  timecop
  tzinfo-data
  uglifier (~> 3.0.0)
  uuidtools (= 2.1.5.de05809f0c8ad134e3f30aae50959f3b)
  warbler
  ya2yaml
  zip-zip

RUBY VERSION
   ruby 1.9.3p551 (jruby 1.7.25)

BUNDLED WITH
   1.12.5
